PATH
  remote: .
  specs:
    ruby-poker (0.0.1)
      activesupport
      rake

GEM
  remote: http://rubygems.org/
  specs:
    activesupport (3.2.6)
      i18n (~> 0.6)
      multi_json (~> 1.0)
    autowatchr (0.1.5)
      watchr
    diff-lcs (1.1.3)
    i18n (0.6.0)
    multi_json (1.3.6)
    rake (0.9.2.2)
    rspec (2.10.0)
      rspec-core (~> 2.10.0)
      rspec-expectations (~> 2.10.0)
      rspec-mocks (~> 2.10.0)
    rspec-core (2.10.1)
    rspec-expectations (2.10.0)
      diff-lcs (~> 1.1.3)
    rspec-mocks (2.10.1)
    watchr (0.7)

PLATFORMS
  ruby

DEPENDENCIES
  autowatchr
  rspec
  ruby-poker!
